GEM
  remote: http://rubygems.org/
  specs:
    SystemTimer (1.2)
    actionmailer (2.3.8)
      actionpack (= 2.3.8)
    actionpack (2.3.8)
      activesupport (= 2.3.8)
      rack (~> 1.1.0)
    activerecord (2.3.8)
      activesupport (= 2.3.8)
    activeresource (2.3.8)
      activesupport (= 2.3.8)
    activesupport (2.3.8)
    authlogic (2.1.5)
      activesupport
    autotest (4.4.1)
    autotest-notification (2.3.1)
      autotest (~> 4.3)
    capistrano (2.5.19)
      highline
      net-scp (>= 1.0.0)
      net-sftp (>= 2.0.0)
      net-ssh (>= 2.0.14)
      net-ssh-gateway (>= 1.0.0)
    columnize (0.3.1)
    compass (0.8.17)
      haml (>= 2.2.0)
    compass-960-plugin (0.9.11)
      compass
    factory_girl (1.3.0)
    fastercsv (1.5.3)
    haml (2.2.13)
    highline (1.6.1)
    httpclient (2.1.5.2)
    json (1.4.6)
    linecache (0.43)
    maruku (0.6.0)
      syntax (>= 1.0.0)
    mocha (0.9.8)
      rake
    money (3.0.2)
    net-scp (1.0.3)
      net-ssh (>= 1.99.1)
    net-sftp (2.0.5)
      net-ssh (>= 2.0.9)
    net-ssh (2.0.23)
    net-ssh-gateway (1.0.1)
      net-ssh (>= 1.99.1)
    paperclip (2.3.3)
      activerecord
      activesupport
    pg (0.9.0)
    rack (1.1.0)
    rails (2.3.8)
      actionmailer (= 2.3.8)
      actionpack (= 2.3.8)
      activerecord (= 2.3.8)
      activeresource (= 2.3.8)
      activesupport (= 2.3.8)
      rake (>= 0.8.3)
    rails_sql_views (0.8.0)
      activerecord
    rake (0.8.7)
    rcov (0.9.9)
    redis (2.0.10)
    redis-namespace (0.8.0)
      redis (< 3.0.0)
    resque (1.10.0)
      json (~> 1.4.6)
      redis-namespace (~> 0.8.0)
      sinatra (>= 0.9.2)
      vegas (~> 0.1.2)
    resque-scheduler (1.9.6)
      redis (>= 2.0.1)
      resque (>= 1.8.0)
      rufus-scheduler
    rspec (1.2.9)
    rspec-rails (1.2.9)
      rack (>= 1.0.0)
      rspec (>= 1.2.9)
    ruby-debug (0.10.3)
      columnize (>= 0.1)
      ruby-debug-base (~> 0.10.3.0)
    ruby-debug-base (0.10.3)
      linecache (>= 0.3)
    rufus-scheduler (2.0.6)
    rvm (1.0.13)
    sinatra (1.0)
      rack (>= 1.0)
    smurf (1.0.3)
    soap4r (1.5.8)
      httpclient (>= 2.1.1)
    sqlite3-ruby (1.3.0)
    syntax (1.0.0)
    systemu (1.2.0)
    unicorn (1.1.3)
      rack
    vegas (0.1.8)
      rack (>= 1.0.0)
    will_paginate (2.3.14)

PLATFORMS
  ruby

DEPENDENCIES
  SystemTimer
  authlogic (= 2.1.5)
  autotest-notification
  capistrano
  compass (= 0.8.17)
  compass-960-plugin (= 0.9.11)
  factory_girl (= 1.3.0)
  fastercsv (= 1.5.3)
  haml (= 2.2.13)
  maruku (= 0.6.0)
  mocha (= 0.9.8)
  money (= 3.0.2)
  paperclip (= 2.3.3)
  pg
  rails (= 2.3.8)
  rails_sql_views
  rcov
  resque
  resque-scheduler
  rspec (= 1.2.9)
  rspec-rails (= 1.2.9)
  ruby-debug
  rvm
  smurf (= 1.0.3)
  soap4r (= 1.5.8)
  sqlite3-ruby (= 1.3.0)
  systemu
  unicorn
  will_paginate (= 2.3.14)
