GEM
  remote: http://rubygems.org/
  specs:
    actionmailer (2.3.8)
      actionpack (= 2.3.8)
    actionpack (2.3.8)
      activesupport (= 2.3.8)
      rack (~> 1.1.0)
    activerecord (2.3.8)
      activesupport (= 2.3.8)
    activeresource (2.3.8)
      activesupport (= 2.3.8)
    activesupport (2.3.8)
    authlogic (2.1.5)
      activesupport
    capistrano (2.5.19)
      highline
      net-scp (>= 1.0.0)
      net-sftp (>= 2.0.0)
      net-ssh (>= 2.0.14)
      net-ssh-gateway (>= 1.0.0)
    compass (0.8.17)
      haml (>= 2.2.0)
    compass-960-plugin (0.9.11)
      compass
    daemons (1.1.0)
    delayed_job (2.0.3)
      daemons
    eventmachine (0.12.10)
    factory_girl (1.3.0)
    fastercsv (1.5.3)
    haml (2.2.13)
    highline (1.6.1)
    httpclient (2.1.5.2)
    maruku (0.6.0)
      syntax (>= 1.0.0)
    mocha (0.9.8)
      rake
    money (3.0.2)
    net-scp (1.0.3)
      net-ssh (>= 1.99.1)
    net-sftp (2.0.5)
      net-ssh (>= 2.0.9)
    net-ssh (2.0.23)
    net-ssh-gateway (1.0.1)
      net-ssh (>= 1.99.1)
    newrelic_rpm (2.12.3)
    paperclip (2.3.3)
      activerecord
      activesupport
    pg (0.9.0)
    rack (1.1.0)
    rails (2.3.8)
      actionmailer (= 2.3.8)
      actionpack (= 2.3.8)
      activerecord (= 2.3.8)
      activeresource (= 2.3.8)
      activesupport (= 2.3.8)
      rake (>= 0.8.3)
    rake (0.8.7)
    rspec (1.2.9)
    rspec-rails (1.2.9)
      rack (>= 1.0.0)
      rspec (>= 1.2.9)
    rvm (1.0.13)
    smurf (1.0.3)
    soap4r (1.5.8)
      httpclient (>= 2.1.1)
    sqlite3-ruby (1.3.0)
    syntax (1.0.0)
    thin (1.2.7)
      daemons (>= 1.0.9)
      eventmachine (>= 0.12.6)
      rack (>= 1.0.0)
    will_paginate (2.3.14)

PLATFORMS
  ruby

DEPENDENCIES
  authlogic (= 2.1.5)
  capistrano
  compass (= 0.8.17)
  compass-960-plugin (= 0.9.11)
  delayed_job (= 2.0.3)
  factory_girl (= 1.3.0)
  fastercsv (= 1.5.3)
  haml (= 2.2.13)
  maruku (= 0.6.0)
  mocha (= 0.9.8)
  money (= 3.0.2)
  newrelic_rpm
  paperclip (= 2.3.3)
  pg
  rails (= 2.3.8)
  rspec (= 1.2.9)
  rspec-rails (= 1.2.9)
  rvm
  smurf (= 1.0.3)
  soap4r (= 1.5.8)
  sqlite3-ruby (= 1.3.0)
  thin
  will_paginate (= 2.3.14)
